GEM
  remote: https://rubygems.org/
  specs:
    actionpack (2.3.18)
      activesupport (= 2.3.18)
      rack (~> 1.1.0)
    activesupport (2.3.18)
    addressable (2.3.6)
    crack (0.4.2)
      safe_yaml (~> 1.0.0)
    curb (0.8.6)
    em-http-request (0.2.11)
      addressable (>= 2.0.0)
      eventmachine (>= 0.12.9)
    ethon (0.7.1)
      ffi (>= 1.3.0)
    eventmachine (1.0.3)
    ffi (1.9.6)
    metaclass (0.0.4)
    mocha (1.1.0)
      metaclass (~> 0.0.1)
    rack (1.1.6)
    rake (10.3.2)
    safe_yaml (1.0.4)
    typhoeus (0.6.9)
      ethon (>= 0.7.1)
    webmock (1.19.0)
      addressable (>= 2.3.6)
      crack (>= 0.3.2)

PLATFORMS
  ruby

DEPENDENCIES
  actionpack (~> 2.3.8)
  curb (>= 0.6.6.0)
  em-http-request (= 0.2.11)
  mocha (>= 0.9.8)
  rake
  typhoeus (>= 0.1.13)
  webmock
